GEM
  remote: https://rubygems.org/
  specs:
    bluecloth (2.2.0)
    makers-mark (0.1.1)
      bluecloth (>= 2.0.0)
      nokogiri
    mini_portile (0.5.2)
    nokogiri (1.6.1)
      mini_portile (~> 0.5.0)
    open4 (1.3.0)
    slidedown (0.2.0)
      makers-mark
      nokogiri

PLATFORMS
  ruby

DEPENDENCIES
  open4
  slidedown
